GEM
  remote: https://rubygems.org/
  specs:
    backports (3.6.1)
    faraday (0.9.0)
      multipart-post (>= 1.2, < 3)
    faraday_middleware (0.9.1)
      faraday (>= 0.7.4, < 0.10)
    geocoder (1.2.5)
    kgio (2.9.2)
    multi_json (1.10.1)
    multipart-post (2.0.0)
    rack (1.5.2)
    rack-protection (1.5.3)
      rack
    rack-test (0.6.2)
      rack (>= 1.0)
    raindrops (0.13.0)
    simple_oauth (0.2.0)
    sinatra (1.4.5)
      rack (~> 1.4)
      rack-protection (~> 1.4)
      tilt (~> 1.3, >= 1.3.4)
    sinatra-contrib (1.4.2)
      backports (>= 2.0)
      multi_json
      rack-protection
      rack-test
      sinatra (~> 1.4.0)
      tilt (~> 1.3)
    sinatra-reloader (1.0)
      sinatra-contrib
    slim (2.0.3)
      temple (~> 0.6.6)
      tilt (>= 1.3.3, < 2.1)
    temple (0.6.8)
    tilt (1.4.1)
    unicorn (4.8.3)
      kgio (~> 2.6)
      rack
      raindrops (~> 0.7)
    unicorn-worker-killer (0.4.2)
      unicorn (~> 4)
    yelp (2.0.3)
      faraday (~> 0.8, >= 0.8.0)
      faraday_middleware (~> 0.8, >= 0.8.0)
      simple_oauth (~> 0.2, >= 0.2.0)

PLATFORMS
  ruby

DEPENDENCIES
  geocoder
  rack
  sinatra
  sinatra-reloader
  slim
  unicorn
  unicorn-worker-killer
  yelp
